GIT
  remote: git://github.com/appfog/af.git
  revision: 56be18080deec279e6b7109d45a12cf1e96f0801
  branch: rebuild
  specs:
    af (0.5.0.beta.6)
      appfog-vmc-plugin (~> 0.1)
      cfoundry (~> 0.5)
      clouseau (~> 0.0)
      interact (~> 0.5)
      json_pure (~> 1.6)
      manifests-vmc-plugin (~> 0.6)
      mothership (~> 0.5)
      multi_json (~> 1.3)
      tunnel-vmc-plugin (~> 0.2)

GIT
  remote: git://github.com/cloudfoundry/vmc-lib.git
  revision: fb723a8a35d24623903bd06672193113f8fe66e1
  specs:
    cfoundry (0.5.3.rc4)
      cf-uaa-lib (~> 1.3.8)
      multi_json (~> 1.3)
      multipart-post (~> 1.1)
      rubyzip (~> 0.9)

GEM
  remote: http://rubygems.org/
  specs:
    addressable (2.3.3)
    appfog-vmc-plugin (0.1.5)
      cfoundry (~> 0.5.0)
    auto_tagger (0.2.8)
      capistrano (>= 2.5.3)
    caldecott-client (0.0.2)
      multi_json (~> 1.3)
    capistrano (2.14.2)
      highline
      net-scp (>= 1.0.0)
      net-sftp (>= 2.0.0)
      net-ssh (>= 2.0.14)
      net-ssh-gateway (>= 1.1.0)
    cf-uaa-lib (1.3.8)
      multi_json
    clouseau (0.0.2)
      rubyzip (~> 0.9.9)
    crack (0.3.2)
    diff-lcs (1.2.1)
    gerrit-cli (0.0.1)
    highline (1.6.15)
    interact (0.5.2)
    json_pure (1.7.7)
    manifests-vmc-plugin (0.6.2)
      cfoundry (~> 0.5.2)
    mime-types (1.21)
    mothership (0.5.1)
    multi_json (1.6.1)
    multipart-post (1.2.0)
    net-scp (1.1.0)
      net-ssh (>= 2.6.5)
    net-sftp (2.1.1)
      net-ssh (>= 2.6.5)
    net-ssh (2.6.6)
    net-ssh-gateway (1.2.0)
      net-ssh (>= 2.6.5)
    rake (10.0.3)
    rest-client (1.6.7)
      mime-types (>= 1.16)
    rr (1.0.4)
    rspec (2.13.0)
      rspec-core (~> 2.13.0)
      rspec-expectations (~> 2.13.0)
      rspec-mocks (~> 2.13.0)
    rspec-core (2.13.1)
    rspec-expectations (2.13.0)
      diff-lcs (>= 1.1.3, < 2.0)
    rspec-mocks (2.13.0)
    rubyzip (0.9.9)
    tunnel-vmc-plugin (0.2.2)
      addressable (~> 2.2)
      caldecott-client (~> 0.0.2)
      cfoundry (~> 0.5.2)
      rest-client (~> 1.6)
      uuidtools (~> 2.1)
    uuidtools (2.1.3)
    webmock (1.11.0)
      addressable (>= 2.2.7)
      crack (>= 0.3.2)

PLATFORMS
  ruby

DEPENDENCIES
  af!
  auto_tagger
  cfoundry!
  gerrit-cli
  rake
  rr (~> 1.0)
  rspec (~> 2.11)
  webmock (~> 1.9)
