GIT
  remote: git://github.com/cloudfoundry/vmc-lib.git
  revision: b282cb396301656cea74be3c96a1641d76f80929
  specs:
    cfoundry (0.4.19)
      cf-uaa-lib (~> 1.3.3)
      multi_json (~> 1.3)
      multipart-post (~> 1.1)
      rubyzip (~> 0.9)

GIT
  remote: git://github.com/cloudfoundry/vmc.git
  revision: 387662f81ad5ecad7171558cd21a8b88e0dd1e5d
  specs:
    vmc (0.5.0.beta.10)
      cfoundry (~> 0.4.19)
      clouseau (~> 0.0.2)
      interact (~> 0.5.0)
      json_pure (~> 1.6)
      manifests-vmc-plugin (~> 0.5.0)
      mothership (~> 0.5.0)
      multi_json (~> 1.3)
      appfog-tunnel-vmc-plugin (~> 0.1.11)

GEM
  remote: http://rubygems.org/
  specs:
    addressable (2.3.2)
    auto_tagger (0.2.8)
      capistrano (>= 2.5.3)
    caldecott-client (0.0.2)
      multi_json (~> 1.3)
    capistrano (2.14.1)
      highline
      net-scp (>= 1.0.0)
      net-sftp (>= 2.0.0)
      net-ssh (>= 2.0.14)
      net-ssh-gateway (>= 1.1.0)
    cf-uaa-lib (1.3.6)
      multi_json
    clouseau (0.0.2)
      rubyzip (~> 0.9.9)
    crack (0.3.2)
    diff-lcs (1.1.3)
    gerrit-cli (0.0.1)
    highline (1.6.15)
    interact (0.5.1)
    json_pure (1.7.6)
    manifests-vmc-plugin (0.5.0)
      cfoundry (~> 0.4.0)
    mime-types (1.19)
    mothership (0.5.0)
    multi_json (1.5.0)
    multipart-post (1.1.5)
    net-scp (1.0.4)
      net-ssh (>= 1.99.1)
    net-sftp (2.0.5)
      net-ssh (>= 2.0.9)
    net-ssh (2.6.3)
    net-ssh-gateway (1.1.0)
      net-ssh (>= 1.99.1)
    rake (10.0.3)
    rest-client (1.6.7)
      mime-types (>= 1.16)
    rr (1.0.4)
    rspec (2.12.0)
      rspec-core (~> 2.12.0)
      rspec-expectations (~> 2.12.0)
      rspec-mocks (~> 2.12.0)
    rspec-core (2.12.2)
    rspec-expectations (2.12.1)
      diff-lcs (~> 1.1.3)
    rspec-mocks (2.12.2)
    rubyzip (0.9.9)
    appfog-tunnel-vmc-plugin (0.1.11)
      addressable (~> 2.2)
      caldecott-client (~> 0.0.2)
      cfoundry (~> 0.4.0)
      rest-client (~> 1.6)
      uuidtools (~> 2.1)
    uuidtools (2.1.3)
    webmock (1.9.0)
      addressable (>= 2.2.7)
      crack (>= 0.1.7)

PLATFORMS
  ruby

DEPENDENCIES
  auto_tagger
  cfoundry!
  gerrit-cli
  rake
  rr (~> 1.0)
  rspec (~> 2.11)
  vmc!
  webmock (~> 1.9)
