GIT
  remote: git://github.com/appfog/af.git
  revision: 4e862717d18d1426780661158b3ee6cf67f116f8
  specs:
    af (0.3.18.12)
      addressable (~> 2.2.6)
      interact (~> 0.4.0)
      json_pure (>= 1.5.1, < 1.7.0)
      rb-readline (~> 0.4.2)
      rest-client (>= 1.6.1, < 1.7.0)
      rubyzip (~> 0.9.4)
      terminal-table (~> 1.4.2)
      uuidtools (~> 2.1.0)

GIT
  remote: git://github.com/cloudfoundry/vmc-lib.git
  revision: fb723a8a35d24623903bd06672193113f8fe66e1
  specs:
    cfoundry (0.5.3.rc4)
      cf-uaa-lib (~> 1.3.8)
      multi_json (~> 1.3)
      multipart-post (~> 1.1)
      rubyzip (~> 0.9)

GEM
  remote: http://rubygems.org/
  specs:
    addressable (2.2.8)
    cf-uaa-lib (1.3.8)
      multi_json
    crack (0.3.2)
    diff-lcs (1.2.1)
    interact (0.4.8)
    json_pure (1.6.8)
    mime-types (1.21)
    multi_json (1.6.1)
    multipart-post (1.2.0)
    rake (10.0.3)
    rb-readline (0.4.2)
    rest-client (1.6.7)
      mime-types (>= 1.16)
    rr (1.0.4)
    rspec (2.13.0)
      rspec-core (~> 2.13.0)
      rspec-expectations (~> 2.13.0)
      rspec-mocks (~> 2.13.0)
    rspec-core (2.13.1)
    rspec-expectations (2.13.0)
      diff-lcs (>= 1.1.3, < 2.0)
    rspec-mocks (2.13.0)
    rubyzip (0.9.9)
    terminal-table (1.4.5)
    uuidtools (2.1.3)
    webmock (1.11.0)
      addressable (>= 2.2.7)
      crack (>= 0.3.2)

PLATFORMS
  ruby

DEPENDENCIES
  af!
  cfoundry!
  rake
  rr (~> 1.0)
  rspec (~> 2.11)
  webmock (~> 1.9)
